GEM
  remote: https://rubygems.org/
  specs:
    addressable (2.3.4)
    dalli (2.6.3)
    diff-lcs (1.1.3)
    haml (3.1.2)
    rack (1.6.13)
    rack-test (0.6.0)
      rack (>= 1.0)
    redis (2.2.2)
    rspec (2.6.0)
      rspec-core (~> 2.6.0)
      rspec-expectations (~> 2.6.0)
      rspec-mocks (~> 2.6.0)
    rspec-core (2.6.4)
    rspec-expectations (2.6.0)
      diff-lcs (~> 1.1.2)
    rspec-mocks (2.6.0)
    shotgun (0.9)
      rack (>= 1.0)
    sinatra (1.2.6)
      rack (~> 1.1)
      tilt (>= 1.2.2, < 2.0)
    sinatra-redis (0.3.0)
      redis
      sinatra (>= 0.9.4)
    sinatra-respond_to (0.7.0)
      sinatra (~> 1.2)
    tilt (1.4.1)
    wirble (0.1.3)

PLATFORMS
  ruby

DEPENDENCIES
  addressable
  dalli
  haml (= 3.1.2)
  rack (= 1.6.13)
  rack-test (= 0.6.0)
  redis (~> 2.2)
  rspec (= 2.6.0)
  shotgun
  sinatra (= 1.2.6)
  sinatra-redis
  sinatra-respond_to (= 0.7.0)
  wirble

RUBY VERSION
   ruby 2.1.3p242

BUNDLED WITH
   1.17.3
